PATH
  remote: .
  specs:
    teta (0.1.1)

GEM
  remote: http://www.rubygems.org/
  specs:
    diff-lcs (1.1.2)
    ffi (1.0.7)
      rake (>= 0.8.7)
    nice-ffi (0.4)
      ffi (>= 0.5.0)
    rake (0.8.7)
    rspec (2.5.0)
      rspec-core (~> 2.5.0)
      rspec-expectations (~> 2.5.0)
      rspec-mocks (~> 2.5.0)
    rspec-core (2.5.2)
    rspec-expectations (2.5.0)
      diff-lcs (~> 1.1.2)
    rspec-mocks (2.5.0)
    ruby-sdl-ffi (0.4)
      nice-ffi (>= 0.2)

PLATFORMS
  ruby

DEPENDENCIES
  ocra
  rspec
  ruby-sdl-ffi
  teta!
